PATH
  remote: .
  specs:
    r2d2 (0.1.0)
      hkdf

GEM
  remote: https://rubygems.org/
  specs:
    hkdf (0.2.0)

PLATFORMS
  ruby

DEPENDENCIES
  hkdf (~> 0.2.0)
  r2d2!

BUNDLED WITH
   1.10.6
